GEM
  remote: https://rubygems.org/
  specs:
    base64 (0.2.0)
    builder (3.3.0)
    crass (1.0.6)
    csv (3.3.0)
    json (2.8.2)
    loofah (2.23.1)
      crass (~> 1.0.2)
      nokogiri (>= 1.12.0)
    nokogiri (1.16.7-aarch64-linux)
      racc (~> 1.4)
    nokogiri (1.16.7-arm-linux)
      racc (~> 1.4)
    nokogiri (1.16.7-arm64-darwin)
      racc (~> 1.4)
    nokogiri (1.16.7-x86-linux)
      racc (~> 1.4)
    nokogiri (1.16.7-x86_64-darwin)
      racc (~> 1.4)
    nokogiri (1.16.7-x86_64-linux)
      racc (~> 1.4)
    optimist (3.2.0)
    racc (1.8.1)
    yaml (0.4.0)
    zlib (3.2.0)

PLATFORMS
  aarch64-linux
  arm-linux
  arm64-darwin
  x86-linux
  x86_64-darwin
  x86_64-linux

DEPENDENCIES
  base64 (~> 0.2.0)
  builder (~> 3.3.0)
  csv (~> 3.3.0)
  json (~> 2.8.2)
  loofah (~> 2.23.1)
  nokogiri (~> 1.16.7)
  optimist (~> 3.2.0)
  yaml (~> 0.4.0)
  zlib (~> 3.2.0)

BUNDLED WITH
   2.5.23
